GEM
  remote: http://rubygems.org/
  specs:
    faraday (0.8.0)
      multipart-post (~> 1.1)
    google_drive (0.3.0)
      nokogiri (>= 1.4.4, != 1.5.2, != 1.5.1)
      oauth (>= 0.3.6)
      oauth2 (>= 0.5.0)
    httpauth (0.1)
    httpclient (2.2.4)
    multi_json (1.3.5)
    multipart-post (1.1.5)
    nokogiri (1.5.0)
    oauth (0.4.6)
    oauth2 (0.7.1)
      faraday (~> 0.8)
      httpauth (~> 0.1)
      multi_json (~> 1.0)
      rack (~> 1.4)
    rack (1.4.1)

PLATFORMS
  ruby

DEPENDENCIES
  google_drive (~> 0.3.0)
  httpclient
  nokogiri
